GIT
  remote: https://github.com/RMCookbooks/vcloud-rest.git
  revision: 308c0a29c45dfc59156decd2bc3d1001882ddd18
  specs:
    vcloud-rest (0.3.1)
      httpclient (~> 2.3.3)
      nokogiri (~> 1.6.0)
      rest-client (~> 1.6.7)
      ruby-progressbar (~> 1.1.1)

PATH
  remote: .
  specs:
    knife-vcloud (0.2.4)
      chef (>= 0.10.0)
      knife-windows
      vcloud-rest (~> 0.3.0)

GEM
  remote: http://rubygems.org/
  specs:
    addressable (2.3.5)
    akami (1.2.0)
      gyoku (>= 0.4.0)
      nokogiri (>= 1.4.0)
    builder (3.2.2)
    chef (11.6.0)
      erubis
      highline (>= 1.6.9)
      json (>= 1.4.4, <= 1.7.7)
      mixlib-authentication (>= 1.3.0)
      mixlib-cli (~> 1.3.0)
      mixlib-config (>= 1.1.2)
      mixlib-log (>= 1.3.0)
      mixlib-shellout
      net-ssh (~> 2.6)
      net-ssh-multi (~> 1.1.0)
      ohai (>= 0.6.0)
      rest-client (>= 1.0.4, < 1.7.0)
      yajl-ruby (~> 1.1)
    crack (0.4.1)
      safe_yaml (~> 0.9.0)
    em-winrm (0.0.4)
      eventmachine (= 1.0.0.beta.3)
      mixlib-log (>= 1.2.0)
      uuidtools (>= 2.1.1)
      winrm (= 1.0.0rc4)
    erubis (2.7.0)
    eventmachine (1.0.0.beta.3)
    ffi (1.9.0)
    gssapi (1.1.2)
      ffi (>= 1.0.1)
    gyoku (1.0.0)
      builder (>= 2.1.2)
    highline (1.6.19)
    httpclient (2.3.4.1)
    httpi (2.0.2)
      rack
    ipaddress (0.8.0)
    json (1.7.7)
    knife-windows (0.5.0)
      chef (>= 0.10.0.beta.5)
      em-winrm (= 0.0.4)
    macaddr (1.6.1)
      systemu (~> 2.5.0)
    mime-types (1.25)
    mini_portile (0.5.1)
    minitest (5.0.7)
    mixlib-authentication (1.3.0)
      mixlib-log
    mixlib-cli (1.3.0)
    mixlib-config (1.1.2)
    mixlib-log (1.6.0)
    mixlib-shellout (1.2.0)
    net-ssh (2.7.0)
    net-ssh-gateway (1.2.0)
      net-ssh (>= 2.6.5)
    net-ssh-multi (1.1)
      net-ssh (>= 2.1.4)
      net-ssh-gateway (>= 0.99.0)
    nokogiri (1.6.0)
      mini_portile (~> 0.5.0)
    nori (2.1.0)
    ohai (6.18.0)
      ipaddress
      mixlib-cli
      mixlib-config
      mixlib-log
      mixlib-shellout
      systemu
      yajl-ruby
    rack (1.5.2)
    rake (10.1.0)
    rest-client (1.6.7)
      mime-types (>= 1.16)
    ruby-progressbar (1.1.1)
    rubyntlm (0.4.0)
    safe_yaml (0.9.7)
    savon (2.2.0)
      akami (~> 1.2.0)
      builder (>= 2.1.2)
      gyoku (~> 1.0.0)
      httpi (~> 2.0.2)
      nokogiri (>= 1.4.0)
      nori (~> 2.1.0)
      wasabi (~> 3.1.0)
    systemu (2.5.2)
    uuid (2.3.7)
      macaddr (~> 1.0)
    uuidtools (2.1.4)
    wasabi (3.1.0)
      httpi (~> 2.0)
      nokogiri (>= 1.4.0)
    webmock (1.13.0)
      addressable (>= 2.2.7)
      crack (>= 0.3.2)
    winrm (1.0.0rc4)
      gssapi (>= 0.1.5)
      httpclient
      nokogiri
      rubyntlm
      savon
      uuid
    yajl-ruby (1.1.0)

PLATFORMS
  ruby

DEPENDENCIES
  knife-vcloud!
  minitest
  rake
  vcloud-rest!
  webmock
